GEM
  specs:
    json (1.8.3)

PLATFORMS
  x86-mingw32

DEPENDENCIES
  json

BUNDLED WITH
   1.16.0
